PATH
  remote: .
  specs:
    chronicle-email (0.1.1)
      chronicle-etl (~> 0.4.4)
      email_reply_parser (~> 0.5)
      mail (~> 2.7)
      reverse_markdown (~> 2.0)

GEM
  remote: https://rubygems.org/
  specs:
    activesupport (7.0.2.3)
      concurrent-ruby (~> 1.0, >= 1.0.2)
      i18n (>= 1.6, < 2)
      minitest (>= 5.1)
      tzinfo (~> 2.0)
    chronic_duration (0.10.6)
      numerizer (~> 0.1.1)
    chronicle-etl (0.4.4)
      activesupport (~> 7.0)
      chronic_duration (~> 0.10.6)
      colorize (~> 0.8.1)
      marcel (~> 1.0.2)
      mini_exiftool (~> 2.10)
      nokogiri (~> 1.13)
      runcom (>= 6.0)
      sequel (~> 5.35)
      sqlite3 (~> 1.4)
      thor (~> 1.2)
      thor-hollaback (~> 0.2)
      tty-progressbar (~> 0.17)
      tty-prompt (~> 0.23)
      tty-spinner
      tty-table (~> 0.11)
    colorize (0.8.1)
    concurrent-ruby (1.1.9)
    diff-lcs (1.5.0)
    email_reply_parser (0.5.10)
    hollaback (0.1.1)
    i18n (1.10.0)
      concurrent-ruby (~> 1.0)
    mail (2.7.1)
      mini_mime (>= 0.1.1)
    marcel (1.0.2)
    mini_exiftool (2.10.2)
    mini_mime (1.1.2)
    minitest (5.15.0)
    nokogiri (1.13.3-arm64-darwin)
      racc (~> 1.4)
    numerizer (0.1.1)
    pastel (0.8.0)
      tty-color (~> 0.5)
    racc (1.6.0)
    rake (13.0.6)
    refinements (9.3.1)
    reverse_markdown (2.1.1)
      nokogiri
    rspec (3.11.0)
      rspec-core (~> 3.11.0)
      rspec-expectations (~> 3.11.0)
      rspec-mocks (~> 3.11.0)
    rspec-core (3.11.0)
      rspec-support (~> 3.11.0)
    rspec-expectations (3.11.0)
      diff-lcs (>= 1.2.0, < 2.0)
      rspec-support (~> 3.11.0)
    rspec-mocks (3.11.0)
      diff-lcs (>= 1.2.0, < 2.0)
      rspec-support (~> 3.11.0)
    rspec-support (3.11.0)
    runcom (8.3.1)
      refinements (~> 9.2)
      xdg (~> 6.2)
    sequel (5.54.0)
    sqlite3 (1.4.2)
    strings (0.2.1)
      strings-ansi (~> 0.2)
      unicode-display_width (>= 1.5, < 3.0)
      unicode_utils (~> 1.4)
    strings-ansi (0.2.0)
    thor (1.2.1)
    thor-hollaback (0.2.1)
      hollaback (~> 0.1)
      thor (>= 0.19.1)
    tty-color (0.6.0)
    tty-cursor (0.7.1)
    tty-progressbar (0.18.2)
      strings-ansi (~> 0.2)
      tty-cursor (~> 0.7)
      tty-screen (~> 0.8)
      unicode-display_width (>= 1.6, < 3.0)
    tty-prompt (0.23.1)
      pastel (~> 0.8)
      tty-reader (~> 0.8)
    tty-reader (0.9.0)
      tty-cursor (~> 0.7)
      tty-screen (~> 0.8)
      wisper (~> 2.0)
    tty-screen (0.8.1)
    tty-spinner (0.9.3)
      tty-cursor (~> 0.7)
    tty-table (0.12.0)
      pastel (~> 0.8)
      strings (~> 0.2.0)
      tty-screen (~> 0.8)
    tzinfo (2.0.4)
      concurrent-ruby (~> 1.0)
    unicode-display_width (2.1.0)
    unicode_utils (1.4.0)
    wisper (2.0.1)
    xdg (6.3.1)

PLATFORMS
  arm64-darwin-20

DEPENDENCIES
  bundler (~> 2.1)
  chronicle-email!
  rake (~> 13.0)
  rspec (~> 3.9)

BUNDLED WITH
   2.3.8
